{
  "aor": 0.009586171875,
  "aqi": 0.02741824375,
  "bids_meta": {
    "AccelFactPE": 2,
    "EchoTime": 0.02,
    "FlipAngle": 80,
    "InstitutionAddress": "Fairbanks_710_Chicago_Chicago_US_60611",
    "InstitutionName": "Northwestern_University",
    "Instructions": "Press the 1st finger for correct answers and press the 2nd finger for incorrect answers. Stay as still as possible. Please respond as fast as you can.",
    "MagneticFieldStrength": 3,
    "Manufacturer": "Siemens",
    "ManufacturersModelName": "TrioTim",
    "NumberOfSlices": 32,
    "NumberOfVolumesDiscardedByUser": 6,
    "PhaseEncodingDirection": "j-",
    "PhaseEncodingLines": 120,
    "PulseSequenceType": "susceptibility weighted single-shot EPI",
    "RepetitionTime": 2,
    "SequenceVariant": "SK",
    "SliceEncodingDirection": "k",
    "SliceTiming": [
      1.0025,
      0,
      1.0675,
      0.0625,
      1.13,
      0.125,
      1.1925,
      0.1875,
      1.255,
      0.25,
      1.3175,
      0.3125,
      1.38,
      0.3775,
      1.4425,
      0.44,
      1.505,
      0.5025,
      1.5675,
      0.565,
      1.63,
      0.6275,
      1.6925,
      0.69,
      1.7575,
      0.7525,
      1.82,
      0.815,
      1.8825,
      0.8775,
      1.945,
      0.94
    ],
    "SoftwareVersions": "syngo_MR_B17",
    "TaskDescription": "This task contained 54 trials of a deductive reasoning task divided into two runs, entitled task-Syllogisms_run-01 and task-Syllogisms_run-02. In each experimental trial participants were visually presented with a set-inclusion problem describing a series of relationships among 3 classes, containing three premises and a conclusion. In each argument, the first class was a monosyllabic psuedoword that was different in each problem. The second and third classes were one of sixteen adjectives: tall, short, big, small, old, young, fast, slow, brown, red, black, blue, green, white, pink. In each problem, the first class was included in the second class in the first premise and the third class was included in the first class in the second premise. The third premise of problem characterized an imaginary character as belonging to one of the classes. Half of the conclusions of the problems required the integration of all three premises and half required the integration of only two premises. In addition, some conclusions included a negation to make conclusions less predictable. This amounted to 36 problems organized into four groups; 18 true and affirmative problems (true_affirm), 6 false and affirmative problems (false_affirm), 6 true with negation problems (true_negate), and 6 false with negation problems (false_negate). Each group was further split into those requiring 2 premises to make the judgment and those requiring 3 premises to make the judgement, denoted by a number preceding the validity in the condition name (i.e. 2_true_affirm), for a total of eight conditions. An example of a valid and affirmative problem necessitating the integration of two premises was: (1) All blons are pink, (2) All pink things are young, (3) Ken is a blon, (C) Ken is pink. Premises and the conclusion were presented one at time, with the next premise appearing below the last (first premise at 0 s, second at 2 s, third at 4 s, and conclusion at 6 s). Premises were presented in grey text while the conclusion was presented in black text to make it clear that a judgment had to be made. Once presented with the conclusion, participants were given 6 s to press one of two buttons to judge the validity of the conclusion given the premises. The trial continued as soon as participants provided a response or after 6 s had passed a red asterisk appeared below the conclusion for 2 s to indicate that no response had been made. At the end of each trial, a jittered red fixation cross was presented on the screen for 2.8-3.6s. The task also included 18 null trials to serve as a baseline correction. In these trials participants were presented with a blue cross on the screen for 2.8-3.6s followed by a red cross for 2.8-3.6 s and were asked to press with their first finger when they saw a blue cross, participants could respond as soon as they saw the blue cross and until it turned red. The trial would continue to the red cross as soon as the participant responded. Each run ended with the presentation of a black fixation cross for 10 s.",
    "TaskName": "Syllogistic Reasoning",
    "dataset": "ds002886",
    "modality": "bold",
    "run_id": 1,
    "session_id": "T1",
    "subject_id": "048",
    "task_id": "Syllogisms"
  },
  "dummy_trs": 1,
  "dvars_nstd": 51.635441727244114,
  "dvars_std": 1.2262658733858267,
  "dvars_vstd": 1.0853814812598428,
  "efc": 0.5461482109514592,
  "fber": 4050.603759765625,
  "fd_mean": 0.9452201586177402,
  "fd_num": 111,
  "fd_perc": 86.71875,
  "fwhm_avg": 2.268068760919277,
  "fwhm_x": 2.269085090909091,
  "fwhm_y": 2.7428654545454543,
  "fwhm_z": 1.792255737303286,
  "gcor": 0.0133103,
  "gsr_x": -0.01367932464927435,
  "gsr_y": 0.042658738791942596,
  "provenance": {
    "md5sum": "add454440ddb2ba399545ac1c230bb2a",
    "settings": {
      "fd_thres": 0.2,
      "testing": false
    },
    "software": "mriqc",
    "version": "22.0.1",
    "webapi_port": null,
    "webapi_url": "https://mriqc.nimh.nih.gov/api/v1"
  },
  "size_t": 128,
  "size_x": 128,
  "size_y": 120,
  "size_z": 32,
  "snr": 6.791866678751839,
  "spacing_tr": 2.0,
  "spacing_x": 1.71875,
  "spacing_y": 1.71875,
  "spacing_z": 3.4800000190734863,
  "summary_bg_k": 39.4520657770453,
  "summary_bg_mad": 4.253324834503347,
  "summary_bg_mean": 45.22245407104492,
  "summary_bg_median": 17.220813751220703,
  "summary_bg_n": 291564.0,
  "summary_bg_p05": 13.34900221824646,
  "summary_bg_p95": 196.02343292236316,
  "summary_bg_stdv": 91.48540496826172,
  "summary_fg_k": 3.9147211108611195,
  "summary_fg_mad": 146.84874544649216,
  "summary_fg_mean": 1113.9847412109375,
  "summary_fg_median": 1112.572998046875,
  "summary_fg_n": 118558.0,
  "summary_fg_p05": 877.7861602783203,
  "summary_fg_p95": 1368.3601928710937,
  "summary_fg_stdv": 163.8089141845703,
  "tsnr": 37.78392028808594
}